GEM
  remote: http://rubygems.org/
  specs:
    activemodel (3.2.2)
      activesupport (= 3.2.2)
      builder (~> 3.0.0)
    activesupport (3.2.2)
      i18n (~> 0.6)
      multi_json (~> 1.0)
    bson (1.6.1)
    bson_ext (1.6.1)
      bson (~> 1.6.1)
    builder (3.0.0)
    differ (0.1.2)
    i18n (0.6.0)
    minitest (2.11.3)
    mm-versionable (0.2.6)
      bson_ext
      builder
      differ
      i18n
      mongo_mapper (>= 0.9.0)
    mongo (1.6.1)
      bson (~> 1.6.1)
    mongo_mapper (0.11.0)
      activemodel (~> 3.0)
      activesupport (~> 3.0)
      plucky (~> 0.4.0)
    multi_json (1.1.0)
    plucky (0.4.4)
      mongo (~> 1.5)
    purdytest (1.0.0)
      minitest (~> 2.2)
    rake (0.9.2.2)

PLATFORMS
  ruby

DEPENDENCIES
  bson
  bson_ext
  minitest
  mm-versionable
  mongo_mapper
  purdytest
  rake
