GEM
  remote: http://rubygems.org/
  specs:
    activemodel (3.2.14)
      activesupport (= 3.2.14)
      builder (~> 3.0.0)
    activesupport (3.2.14)
      i18n (~> 0.6, >= 0.6.4)
      multi_json (~> 1.0)
    bson (1.9.2)
    bson_ext (1.9.2)
      bson (~> 1.9.2)
    builder (3.0.4)
    differ (0.1.2)
    i18n (0.6.5)
    minitest (2.12.1)
    mm-versionable (0.2.9)
      bson
      builder
      differ
      i18n
      mongo_mapper (>= 0.9.0)
    mongo (1.9.2)
      bson (~> 1.9.2)
    mongo_mapper (0.12.0)
      activemodel (~> 3.0)
      activesupport (~> 3.0)
      plucky (~> 0.5.2)
    multi_json (1.7.9)
    plucky (0.5.2)
      mongo (~> 1.5)
    purdytest (1.0.0)
      minitest (~> 2.2)
    rake (10.1.0)
    slim (2.0.1)
      temple (~> 0.6.6)
      tilt (>= 1.3.3, < 2.1)
    temple (0.6.6)
    tilt (1.4.1)

PLATFORMS
  ruby

DEPENDENCIES
  bson
  bson_ext
  minitest
  mm-versionable
  mongo_mapper
  purdytest
  rake
  slim
  tilt
